GEM
  remote: https://rubygems.org/
  specs:
    aws-sdk (1.8.5)
      json (~> 1.4)
      nokogiri (>= 1.4.4)
      uuidtools (~> 2.1)
    builder (3.2.2)
    cool.io (1.1.1)
      iobuffer (>= 1.0.0)
    eventmachine (1.0.3)
    excon (0.27.6)
    fluent-mixin-config-placeholders (0.2.3)
      fluentd
      uuidtools
    fluent-plugin-cloudstack (0.0.6)
      eventmachine
      fluentd (>= 0.10.7)
      fog
    fluent-plugin-config-expander (0.1.3)
      fluentd
    fluent-plugin-forest (0.2.1)
      fluentd
    fluent-plugin-growthforecast (0.2.6)
      fluent-mixin-config-placeholders
      fluentd
      resolve-hostname (>= 0.0.4)
    fluent-plugin-mail (0.0.4)
      fluentd
    fluent-plugin-notifier (0.2.1)
      fluentd
    fluent-plugin-s3 (0.3.4)
      aws-sdk (~> 1.8.2)
      fluent-mixin-config-placeholders (~> 0.2.0)
      fluentd (~> 0.10.0)
      yajl-ruby (~> 1.0)
    fluentd (0.10.39)
      cool.io (~> 1.1.1)
      http_parser.rb (~> 0.5.1)
      json (>= 1.4.3)
      msgpack (>= 0.4.4, < 0.6.0, != 0.5.3, != 0.5.2, != 0.5.1, != 0.5.0)
      yajl-ruby (~> 1.0)
    fog (1.16.0)
      builder
      excon (~> 0.27.0)
      formatador (~> 0.2.0)
      mime-types
      multi_json (~> 1.0)
      net-scp (~> 1.1)
      net-ssh (>= 2.1.3)
      nokogiri (~> 1.5)
      ruby-hmac
      unicode (~> 0.4.4)
    formatador (0.2.4)
    http_parser.rb (0.5.3)
    iobuffer (1.1.2)
    json (1.8.1)
    mime-types (2.0)
    mini_portile (0.5.2)
    msgpack (0.5.6)
    multi_json (1.8.2)
    net-scp (1.1.2)
      net-ssh (>= 2.6.5)
    net-ssh (2.7.0)
    nokogiri (1.6.0)
      mini_portile (~> 0.5.0)
    resolve-hostname (0.0.4)
    ruby-hmac (0.4.0)
    unicode (0.4.4)
    uuidtools (2.1.4)
    yajl-ruby (1.1.0)

PLATFORMS
  ruby

DEPENDENCIES
  fluent-plugin-cloudstack
  fluent-plugin-config-expander
  fluent-plugin-forest
  fluent-plugin-growthforecast
  fluent-plugin-mail
  fluent-plugin-notifier
  fluent-plugin-s3
  fluentd
